PATH
  remote: .
  specs:
    zip_to_timezone (0.2.0)
      algorithms (~> 0.6.1)

GEM
  remote: https://rubygems.org/
  specs:
    algorithms (0.6.1)
    diff-lcs (1.3)
    psych (4.0.4)
      stringio
    rake (12.3.2)
    rdoc (6.4.0)
      psych (>= 4.0.0)
    rspec (3.8.0)
      rspec-core (~> 3.8.0)
      rspec-expectations (~> 3.8.0)
      rspec-mocks (~> 3.8.0)
    rspec-core (3.8.0)
      rspec-support (~> 3.8.0)
    rspec-expectations (3.8.2)
      diff-lcs (>= 1.2.0, < 2.0)
      rspec-support (~> 3.8.0)
    rspec-mocks (3.8.0)
      diff-lcs (>= 1.2.0, < 2.0)
      rspec-support (~> 3.8.0)
    rspec-support (3.8.0)
    stringio (3.0.2)

PLATFORMS
  ruby

DEPENDENCIES
  rake (~> 12.3.2)
  rdoc (~> 6.4.0)
  rspec (~> 3.8.0)
  zip_to_timezone!

BUNDLED WITH
   1.17.2
